GEM
  remote: https://rubygems.org/
  specs:
    aws-sdk-core (2.6.44)
      aws-sigv4 (~> 1.0)
      jmespath (~> 1.0)
    aws-sigv4 (1.0.0)
    cloudwatch-metrics-linux (0.2.0)
      aws-sdk-core (~> 2)
    jmespath (1.3.1)

PLATFORMS
  ruby

DEPENDENCIES
  cloudwatch-metrics-linux

BUNDLED WITH
   1.13.7
